GIT
  remote: git://github.com/Shopify/liquid.git
  revision: 6ebdded8f220010a1ca3431089793ec00140530e
  ref: 6ebdded
  specs:
    liquid (2.3.0)

GEM
  remote: http://rubygems.org/
  specs:
    actionmailer (2.3.11)
      actionpack (= 2.3.11)
    actionpack (2.3.11)
      activesupport (= 2.3.11)
      rack (~> 1.1.0)
    activerecord (2.3.11)
      activesupport (= 2.3.11)
    activeresource (2.3.11)
      activesupport (= 2.3.11)
    activesupport (2.3.11)
    context (0.0.16)
    mocha (0.9.8)
      rake
    mysql (2.8.1)
    rack (1.1.3)
    rails (2.3.11)
      actionmailer (= 2.3.11)
      actionpack (= 2.3.11)
      activerecord (= 2.3.11)
      activeresource (= 2.3.11)
      activesupport (= 2.3.11)
      rake (>= 0.8.3)
    rake (0.8.7)

PLATFORMS
  ruby

DEPENDENCIES
  context
  liquid (= 2.3.0)!
  mocha
  mysql
  rails (= 2.3.11)
