GIT
  remote: git://github.com/Shopify/liquid.git
  revision: 6ebdded8f220010a1ca3431089793ec00140530e
  ref: 6ebdded
  specs:
    liquid (2.3.0)

GEM
  remote: http://rubygems.org/
  specs:
    cgi_multipart_eof_fix (2.5.0)
    actionmailer (2.3.16)
      actionpack (= 2.3.16)
    actionpack (2.3.16)
      activesupport (= 2.3.16)
      rack (~> 1.1.0)
    activerecord (2.3.16)
      activesupport (= 2.3.16)
    activeresource (2.3.16)
      activesupport (= 2.3.16)
    activesupport (2.3.16)
    context (0.0.16)
    daemons (1.1.8)
    fastthread (1.0.7)
    gem_plugin (0.2.3)
    memcached (0.18.0)
    mocha (0.9.8)
      rake
    mongrel (1.1.5)
      cgi_multipart_eof_fix (>= 2.4)
      daemons (>= 1.0.3)
      fastthread (>= 1.0.1)
      gem_plugin (>= 0.2.3)
    mysql (2.8.1)
    rack (1.1.5)
    rails (2.3.16)
      actionmailer (= 2.3.16)
      actionpack (= 2.3.16)
      activerecord (= 2.3.16)
      activeresource (= 2.3.16)
      activesupport (= 2.3.16)
      rake (>= 0.8.3)
    rake (10.0.3)

PLATFORMS
  ruby

DEPENDENCIES
  context
  liquid (= 2.3.0)!
  memcached (= 0.18.0)
  mocha
  mongrel
  mysql
  rails (= 2.3.16)
